GEM
  remote: http://rubygems.org/
  specs:
    colorize (0.5.8)
    diff-lcs (1.1.3)
    git (1.2.5)
    jeweler (1.6.4)
      bundler (~> 1.0)
      git (>= 1.2.5)
      rake
    mean (0.1.0)
    multi_json (1.5.0)
    rake (10.0.3)
    rspec (2.3.0)
      rspec-core (~> 2.3.0)
      rspec-expectations (~> 2.3.0)
      rspec-mocks (~> 2.3.0)
    rspec-core (2.3.1)
    rspec-expectations (2.3.0)
      diff-lcs (~> 1.1.2)
    rspec-mocks (2.3.0)
    rufus-scheduler (2.0.17)
      tzinfo (>= 0.3.23)
    simplecov (0.7.1)
      multi_json (~> 1.0)
      simplecov-html (~> 0.7.1)
    simplecov-html (0.7.1)
    tzinfo (0.3.35)

PLATFORMS
  ruby

DEPENDENCIES
  bundler (~> 1.0.0)
  colorize
  jeweler (~> 1.6.4)
  mean
  rspec (~> 2.3.0)
  rufus-scheduler
  simplecov
